NUGET
  remote: https://nuget.org/api/v2
  specs:
    EasyNetQ (0.50.7.399)
      RabbitMQ.Client (>= 3.5.4)
    RabbitMQ.Client (3.5.4)

GROUP Build
NUGET
  remote: https://nuget.org/api/v2
  specs:
    FAKE (4.4.4)

GROUP Examples
NUGET
  remote: https://nuget.org/api/v2
  specs:
    Argu (1.0.0)
    DotLiquid (1.8.0)
    FSharp.Core (4.0.0.1)
    FsPickler (1.4.0)
    FsPickler.Json (1.4.0)
      FsPickler (1.4.0)
      Newtonsoft.Json (>= 6.0.5)
    Newtonsoft.Json (7.0.1)
    SQLProvider (0.0.9-alpha)
