NUGET
  remote: https://nuget.org/api/v2
  specs:
    Argu (1.0.0)
    DotLiquid (1.8.0)
    EasyNetQ (0.50.7.399)
      RabbitMQ.Client (>= 3.5.4)
    FSharp.Core (4.0.0.1)
    FsPickler (1.3.7)
    FsPickler.Json (1.3.7)
      FsPickler (1.3.7)
      Newtonsoft.Json (>= 6.0.5)
    Newtonsoft.Json (7.0.1)
    RabbitMQ.Client (3.5.4)
    SQLProvider (0.0.9-alpha)
